GEM
  remote: https://rubygems.org/
  specs:
    aws-sdk (2.2.6)
      aws-sdk-resources (= 2.2.6)
    aws-sdk-core (2.2.6)
      jmespath (~> 1.0)
    aws-sdk-resources (2.2.6)
      aws-sdk-core (= 2.2.6)
    jmespath (1.1.3)
    json (1.8.1)

PLATFORMS
  ruby

DEPENDENCIES
  aws-sdk
  json

BUNDLED WITH
   1.11.2
